{
    "AcquisitionMatrixPE": 104,
    "AcquisitionNumber": 1,
    "AcquisitionTime": "09:38:35.185000",
    "BandwidthPerPixelPhaseEncode": 16.578,
    "BaseResolution": 104,
    "BodyPartExamined": "BRAIN",
    "ConsistencyInfo": "N4_VE11C_LATEST_20160120",
    "ConversionSoftware": "dcm2niix",
    "ConversionSoftwareVersion": "v1.0.20190902",
    "DerivedVendorReportedEchoSpacing": 0.000580009,
    "DeviceSerialNumber": "166036",
    "DwellTime": 2.1e-06,
    "EchoTime": 0.066,
    "EchoTrainLength": 104,
    "EffectiveEchoSpacing": 0.000580009,
    "FlipAngle": 90,
    "HeudiconvVersion": "0.11.3",
    "ImageOrientationPatientDICOM": [
        0.998348,
        0.0342234,
        -0.0461533,
        -0.0523212,
        0.873454,
        -0.484087
    ],
    "ImageType": [
        "ORIGINAL",
        "PRIMARY",
        "M",
        "ND",
        "MOSAIC"
    ],
    "ImagingFrequency": 123.257,
    "InPlanePhaseEncodingDirectionDICOM": "COL",
    "InstitutionAddress": "Street_StreetNo_Falmer_Brighton_District_GB_BN1_9RR",
    "InstitutionName": "CISC",
    "InstitutionalDepartmentName": "Department",
    "IntendedFor": [
        "func/sub-CISC31829_task-rest_dir-AP_run-01_bold.nii.gz",
        "func/sub-CISC31829_task-rest_dir-AP_run-01_sbref.nii.gz",
        "func/sub-CISC31829_task-rest_dir-PA_run-01_bold.nii.gz",
        "func/sub-CISC31829_task-rest_dir-PA_run-01_sbref.nii.gz"
    ],
    "MRAcquisitionType": "2D",
    "MagneticFieldStrength": 3,
    "Manufacturer": "Siemens",
    "ManufacturersModelName": "Prisma",
    "Modality": "MR",
    "PartialFourier": 1,
    "PatientPosition": "HFS",
    "PercentPhaseFOV": 100,
    "PhaseEncodingDirection": "j-",
    "PhaseEncodingSteps": 104,
    "PhaseResolution": 1,
    "PixelBandwidth": 2290,
    "ProcedureStepDescription": "PROJECTS_Jamie_W",
    "ProtocolName": "SpinEchoFieldMap_AP",
    "PulseSequenceDetails": "%CustomerSeq%_cmrr_mbep2d_se",
    "ReceiveCoilActiveElements": "HEA;HEP",
    "ReceiveCoilName": "Head_32",
    "ReconMatrixPE": 104,
    "RepetitionTime": 8,
    "SAR": 0.186529,
    "ScanOptions": "FS",
    "ScanningSequence": "EP",
    "SequenceName": "epse2d1_104",
    "SequenceVariant": "SK",
    "SeriesDescription": "SpinEchoFieldMap_AP",
    "SeriesNumber": 5,
    "ShimSetting": [
        1445,
        -8554,
        3344,
        361,
        66,
        101,
        -65,
        0
    ],
    "SliceThickness": 2,
    "SliceTiming": [
        3.9875,
        0,
        4.1,
        0.11,
        4.21,
        0.22,
        4.32,
        0.3325,
        4.4325,
        0.4425,
        4.5425,
        0.5525,
        4.6525,
        0.665,
        4.765,
        0.775,
        4.875,
        0.885,
        4.985,
        0.9975,
        5.0975,
        1.1075,
        5.2075,
        1.2175,
        5.3175,
        1.3275,
        5.43,
        1.44,
        5.54,
        1.55,
        5.65,
        1.66,
        5.7625,
        1.7725,
        5.8725,
        1.8825,
        5.9825,
        1.9925,
        6.095,
        2.105,
        6.205,
        2.215,
        6.315,
        2.325,
        6.4275,
        2.4375,
        6.5375,
        2.5475,
        6.6475,
        2.6575,
        6.76,
        2.77,
        6.87,
        2.88,
        6.98,
        2.99,
        7.0925,
        3.1025,
        7.2025,
        3.2125,
        7.3125,
        3.3225,
        7.425,
        3.435,
        7.535,
        3.545,
        7.645,
        3.655,
        7.7575,
        3.7675,
        7.8675,
        3.8775
    ],
    "SoftwareVersions": "syngo_MR_E11",
    "SpacingBetweenSlices": 2,
    "StationName": "AWP166036",
    "TotalReadoutTime": 0.0597409,
    "TxRefAmp": 240.852,
    "VendorReportedEchoSpacing": 0.00058,
    "WipMemBlock": "f6e38751-76e6-4aa9-a508-ddec8b654e8b||Sequence: R016 ve11c/master r/e634e98; Dec 19 2017 11:22:56 by eja"
}