{
  "AcquisitionMatrixPE": 104,
  "AcquisitionNumber": 1,
  "AcquisitionTime": "15:58:44.075000",
  "BandwidthPerPixelPhaseEncode": 16.578,
  "BaseResolution": 104,
  "BodyPartExamined": "BRAIN",
  "ConsistencyInfo": "N4_VE11C_LATEST_20160120",
  "ConversionSoftware": "dcm2niix",
  "ConversionSoftwareVersion": "v1.0.20190902",
  "DerivedVendorReportedEchoSpacing": 0.000580009,
  "DeviceSerialNumber": "166036",
  "DwellTime": 2.1e-06,
  "EchoTime": 0.037,
  "EchoTrainLength": 104,
  "EffectiveEchoSpacing": 0.000580009,
  "FlipAngle": 52,
  "HeudiconvVersion": "0.11.3",
  "ImageComments": "Unaliased_MB8_PE3_LB",
  "ImageOrientationPatientDICOM": [0.997164, -0.0736869, -0.0153327, 0.0588931, 0.890744, -0.450674],
  "ImageType": [
    "ORIGINAL",
    "PRIMARY",
    "M",
    "MB",
    "ND",
    "MOSAIC"
],
  "ImagingFrequency": 123.257,
  "InPlanePhaseEncodingDirectionDICOM": "COL",
  "InstitutionAddress": "Street_StreetNo_Falmer_Brighton_District_GB_BN1_9RR",
  "InstitutionName": "CISC",
  "InstitutionalDepartmentName": "Department",
  "MRAcquisitionType": "2D",
  "MagneticFieldStrength": 3,
  "Manufacturer": "Siemens",
  "ManufacturersModelName": "Prisma",
  "Modality": "MR",
  "MultibandAccelerationFactor": 8,
  "PartialFourier": 1,
  "PatientPosition": "HFS",
  "PercentPhaseFOV": 100,
  "PhaseEncodingDirection": "j-",
  "PhaseEncodingSteps": 104,
  "PhaseResolution": 1,
  "PixelBandwidth": 2290,
  "ProcedureStepDescription": "PROJECTS_Jamie_W",
  "ProtocolName": "rfMRI_REST_AP",
  "PulseSequenceDetails": "%CustomerSeq%_cmrr_mbep2d_bold",
  "ReceiveCoilActiveElements": "HEA;HEP",
  "ReceiveCoilName": "Head_32",
  "ReconMatrixPE": 104,
  "RepetitionTime": 0.8,
  "SAR": 0.0848474,
  "ScanOptions": "FS_EXT",
  "ScanningSequence": "EP",
  "SequenceName": "epfid2d1_104",
  "SequenceVariant": "SK_SS",
  "SeriesDescription": "rfMRI_REST_AP",
  "SeriesNumber": 34,
  "ShimSetting": [1447, -8568, 3346, 497, 1, 98, -45, 38],
  "SliceThickness": 2,
  "SliceTiming": [0, 0.435, 0.0875, 0.52, 0.175, 0.6075, 0.26, 0.695, 0.3475, 0, 0.435, 0.0875, 0.52, 0.175, 0.6075, 0.26, 0.695, 0.3475, 0, 0.435, 0.0875, 0.52, 0.175, 0.6075, 0.26, 0.695, 0.3475, 0, 0.435, 0.0875, 0.52, 0.175, 0.6075, 0.26, 0.695, 0.3475, 0, 0.435, 0.0875, 0.52, 0.175, 0.6075, 0.26, 0.695, 0.3475, 0, 0.435, 0.0875, 0.52, 0.175, 0.6075, 0.26, 0.695, 0.3475, 0, 0.435, 0.0875, 0.52, 0.175, 0.6075, 0.26, 0.695, 0.3475, 0, 0.435, 0.0875, 0.52, 0.175, 0.6075, 0.26, 0.695, 0.3475],
  "SoftwareVersions": "syngo_MR_E11",
  "SpacingBetweenSlices": 2,
  "StationName": "AWP166036",
  "TaskName": "rest",
  "TotalReadoutTime": 0.0597409,
  "TxRefAmp": 290.454,
  "WipMemBlock": "0538f1e1-79a3-44f8-9ad3-3b911a0d3470||Sequence: R016 ve11c/master r/8780670; Nov 27 2017 15:05:12 by eja"
}