{
  "AcquisitionMatrixPE": 104,
  "AcquisitionNumber": 1,
  "AcquisitionTime": "10:28:23.412500",
  "BandwidthPerPixelPhaseEncode": 16.578,
  "BaseResolution": 104,
  "BodyPartExamined": "BRAIN",
  "ConsistencyInfo": "N4_VE11C_LATEST_20160120",
  "ConversionSoftware": "dcm2niix",
  "ConversionSoftwareVersion": "v1.0.20190902",
  "DerivedVendorReportedEchoSpacing": 0.000580009,
  "DeviceSerialNumber": "166036",
  "DwellTime": 2.1e-06,
  "EchoTime": 0.037,
  "EchoTrainLength": 104,
  "EffectiveEchoSpacing": 0.000580009,
  "FlipAngle": 52,
  "HeudiconvVersion": "0.11.3",
  "ImageComments": "Single-band_reference",
  "ImageOrientationPatientDICOM": [0.999337, 0.0191581, -0.0309614, -0.0345484, 0.767349, -0.640299],
  "ImageType": [
    "ORIGINAL",
    "PRIMARY",
    "M",
    "ND",
    "MOSAIC"
],
  "ImagingFrequency": 123.257,
  "InPlanePhaseEncodingDirectionDICOM": "COL",
  "InstitutionAddress": "Street_StreetNo_Falmer_Brighton_District_GB_BN1_9RR",
  "InstitutionName": "CISC",
  "InstitutionalDepartmentName": "Department",
  "MRAcquisitionType": "2D",
  "MagneticFieldStrength": 3,
  "Manufacturer": "Siemens",
  "ManufacturersModelName": "Prisma",
  "Modality": "MR",
  "PartialFourier": 1,
  "PatientPosition": "HFS",
  "PercentPhaseFOV": 100,
  "PhaseEncodingDirection": "j",
  "PhaseEncodingSteps": 104,
  "PhaseResolution": 1,
  "PixelBandwidth": 2290,
  "ProcedureStepDescription": "PROJECTS_Jamie_W",
  "ProtocolName": "rfMRI_REST_PA",
  "PulseSequenceDetails": "%CustomerSeq%_cmrr_mbep2d_bold",
  "ReceiveCoilActiveElements": "HEA;HEP",
  "ReceiveCoilName": "Head_32",
  "ReconMatrixPE": 104,
  "RepetitionTime": 0.8,
  "SAR": 0.0908123,
  "ScanOptions": "FS_EXT",
  "ScanningSequence": "EP",
  "SequenceName": "epfid2d1_104",
  "SequenceVariant": "SK_SS",
  "SeriesDescription": "rfMRI_REST_PA_SBRef",
  "SeriesNumber": 32,
  "ShimSetting": [1452, -8497, 3270, 290, 96, 223, -63, 54],
  "SliceThickness": 2,
  "SliceTiming": [0, 0.0875, 0.175, 0.26, 0.3475, 0.435, 0.52, 0.6075, 0.695, 0.78, 0.8675, 0.955, 1.04, 1.1275, 1.215, 1.3, 1.3875, 1.475, 1.56, 1.6475, 1.735, 1.82, 1.9075, 1.995, 2.08, 2.1675, 2.255, 2.34, 2.4275, 2.515, 2.6, 2.6875, 2.775, 2.86, 2.9475, 3.035, 3.12, 3.2075, 3.295, 3.38, 3.4675, 3.555, 3.64, 3.7275, 3.815, 3.9, 3.9875, 4.075, 4.16, 4.2475, 4.335, 4.42, 4.5075, 4.595, 4.68, 4.7675, 4.855, 4.94, 5.0275, 5.115, 5.2, 5.2875, 5.375, 5.46, 5.5475, 5.635, 5.72, 5.8075, 5.895, 5.98, 6.0675, 6.155],
  "SoftwareVersions": "syngo_MR_E11",
  "SpacingBetweenSlices": 2,
  "StationName": "AWP166036",
  "TaskName": "rest",
  "TotalReadoutTime": 0.0597409,
  "TxRefAmp": 271.923,
  "WipMemBlock": "8e5c1ff5-64ae-412c-bd3b-a18e4b6c900f||Sequence: R016 ve11c/master r/e634e98; Dec 19 2017 11:00:25 by eja"
}