{
  "AcquisitionMatrixPE": 298,
  "AcquisitionNumber": 1,
  "AcquisitionTime": "13:36:16.045000",
  "BaseResolution": 320,
  "BodyPartExamined": "BRAIN",
  "ConsistencyInfo": "N4_VE11C_LATEST_20160120",
  "ConversionSoftware": "dcm2niix",
  "ConversionSoftwareVersion": "v1.0.20190902",
  "DeviceSerialNumber": "166036",
  "DwellTime": 2.1e-06,
  "EchoTime": 0.00181,
  "FlipAngle": 8,
  "HeudiconvVersion": "0.11.3",
  "ImageOrientationPatientDICOM": [-0.00659273, 0.995141, 0.0982354, 0.028838, 0.0983859, -0.99473],
  "ImageType": [
    "ORIGINAL",
    "PRIMARY",
    "OTHER",
    "ND",
    "NORM",
    "MEAN"
],
  "ImagingFrequency": 123.257,
  "InPlanePhaseEncodingDirectionDICOM": "ROW",
  "InstitutionAddress": "Street_StreetNo_Falmer_Brighton_District_GB_BN1_9RR",
  "InstitutionName": "CISC",
  "InstitutionalDepartmentName": "Department",
  "InversionTime": 1,
  "MRAcquisitionType": "3D",
  "MagneticFieldStrength": 3,
  "Manufacturer": "Siemens",
  "ManufacturersModelName": "Prisma",
  "Modality": "MR",
  "NumberOfAverages": 4,
  "ParallelReductionFactorInPlane": 2,
  "PartialFourier": 1,
  "PatientPosition": "HFS",
  "PercentPhaseFOV": 93.125,
  "PhaseEncodingSteps": 298,
  "PhaseResolution": 1,
  "PixelBandwidth": 745,
  "ProcedureStepDescription": "PROJECTS_Jamie_W",
  "ProtocolName": "T1w_MPR_vNav_4e",
  "PulseSequenceDetails": "%CustomerSeq%_tfl_mgh_epinav_ABCD",
  "ReceiveCoilActiveElements": "HEA;HEP",
  "ReceiveCoilName": "Head_32",
  "ReconMatrixPE": 298,
  "RefLinesPE": 32,
  "RepetitionTime": 2.5,
  "SAR": 0.0408852,
  "ScanOptions": "IR_WE",
  "ScanningSequence": "GR_IR",
  "SequenceName": "tfl3d4_16ns",
  "SequenceVariant": "SK_SP_MP",
  "SeriesDescription": "T1w_MPR_vNav_4e_RMS",
  "SeriesNumber": 22,
  "ShimSetting": [1468, -8589, 3276, 419, 21, -18, -42, 30],
  "SliceThickness": 0.8,
  "SoftwareVersions": "syngo_MR_E11",
  "StationName": "AWP166036",
  "TxRefAmp": 246.58,
  "WipMemBlock": "Prisma_epi_moco_navigator_ABCD_tfl.prot"
}