{
  "AcquisitionMatrixPE": 104,
  "AcquisitionNumber": 1,
  "AcquisitionTime": "14:23:3.540000",
  "BandwidthPerPixelPhaseEncode": 16.578,
  "BaseResolution": 104,
  "BodyPartExamined": "BRAIN",
  "ConsistencyInfo": "N4_VE11C_LATEST_20160120",
  "ConversionSoftware": "dcm2niix",
  "ConversionSoftwareVersion": "v1.0.20190902",
  "DerivedVendorReportedEchoSpacing": 0.000580009,
  "DeviceSerialNumber": "166036",
  "DwellTime": 2.1e-06,
  "EchoTime": 0.037,
  "EchoTrainLength": 104,
  "EffectiveEchoSpacing": 0.000580009,
  "FlipAngle": 52,
  "HeudiconvVersion": "0.11.3",
  "ImageComments": "Single-band_reference",
  "ImageOrientationPatientDICOM": [0.996839, 0.0539964, -0.0582703, -0.0765276, 0.849545, -0.521936],
  "ImageType": [
    "ORIGINAL",
    "PRIMARY",
    "M",
    "ND",
    "MOSAIC"
],
  "ImagingFrequency": 123.257,
  "InPlanePhaseEncodingDirectionDICOM": "COL",
  "InstitutionAddress": "Street_StreetNo_Falmer_Brighton_District_GB_BN1_9RR",
  "InstitutionName": "CISC",
  "InstitutionalDepartmentName": "Department",
  "MRAcquisitionType": "2D",
  "MagneticFieldStrength": 3,
  "Manufacturer": "Siemens",
  "ManufacturersModelName": "Prisma",
  "Modality": "MR",
  "PartialFourier": 1,
  "PatientPosition": "HFS",
  "PercentPhaseFOV": 100,
  "PhaseEncodingDirection": "j-",
  "PhaseEncodingSteps": 104,
  "PhaseResolution": 1,
  "PixelBandwidth": 2290,
  "ProcedureStepDescription": "PROJECTS_Jamie_W",
  "ProtocolName": "rfMRI_REST_AP",
  "PulseSequenceDetails": "%CustomerSeq%_cmrr_mbep2d_bold",
  "ReceiveCoilActiveElements": "HEA;HEP",
  "ReceiveCoilName": "Head_32",
  "ReconMatrixPE": 104,
  "RepetitionTime": 0.8,
  "SAR": 0.0745693,
  "ScanOptions": "FS_EXT",
  "ScanningSequence": "EP",
  "SequenceName": "epfid2d1_104",
  "SequenceVariant": "SK_SS",
  "SeriesDescription": "rfMRI_REST_AP_SBRef",
  "SeriesNumber": 29,
  "ShimSetting": [1449, -8547, 3271, 393, 21, 135, 16, 43],
  "SliceThickness": 2,
  "SliceTiming": [0, 0.085, 0.1725, 0.26, 0.345, 0.4325, 0.52, 0.605, 0.6925, 0.78, 0.865, 0.9525, 1.04, 1.125, 1.2125, 1.3, 1.385, 1.4725, 1.56, 1.645, 1.7325, 1.82, 1.905, 1.9925, 2.08, 2.165, 2.2525, 2.34, 2.425, 2.5125, 2.6, 2.685, 2.7725, 2.86, 2.945, 3.0325, 3.12, 3.205, 3.2925, 3.38, 3.465, 3.5525, 3.64, 3.725, 3.8125, 3.9, 3.985, 4.0725, 4.16, 4.245, 4.3325, 4.4175, 4.505, 4.5925, 4.6775, 4.765, 4.8525, 4.9375, 5.025, 5.1125, 5.1975, 5.285, 5.3725, 5.4575, 5.545, 5.6325, 5.7175, 5.805, 5.8925, 5.9775, 6.065, 6.1525],
  "SoftwareVersions": "syngo_MR_E11",
  "SpacingBetweenSlices": 2,
  "StationName": "AWP166036",
  "TaskName": "rest",
  "TotalReadoutTime": 0.0597409,
  "TxRefAmp": 250.581,
  "WipMemBlock": "2f3ee6d0-4ef2-43b6-b125-aca65e09669e||Sequence: R016 ve11c/master r/e634e98; Dec 19 2017 11:00:25 by eja"
}