{
    "AcquisitionMatrixPE": 104,
    "AcquisitionNumber": 1,
    "AcquisitionTime": "10:03:11.525000",
    "BandwidthPerPixelPhaseEncode": 16.578,
    "BaseResolution": 104,
    "BodyPartExamined": "BRAIN",
    "ConsistencyInfo": "N4_VE11C_LATEST_20160120",
    "ConversionSoftware": "dcm2niix",
    "ConversionSoftwareVersion": "v1.0.20190902",
    "DerivedVendorReportedEchoSpacing": 0.000580009,
    "DeviceSerialNumber": "166036",
    "DwellTime": 2.1e-06,
    "EchoTime": 0.066,
    "EchoTrainLength": 104,
    "EffectiveEchoSpacing": 0.000580009,
    "FlipAngle": 90,
    "HeudiconvVersion": "0.11.3",
    "ImageOrientationPatientDICOM": [
        0.99881,
        -0.041153,
        -0.0261769,
        0.0162137,
        0.786346,
        -0.617574
    ],
    "ImageType": [
        "ORIGINAL",
        "PRIMARY",
        "M",
        "ND",
        "MOSAIC"
    ],
    "ImagingFrequency": 123.257,
    "InPlanePhaseEncodingDirectionDICOM": "COL",
    "InstitutionAddress": "Street_StreetNo_Falmer_Brighton_District_GB_BN1_9RR",
    "InstitutionName": "CISC",
    "InstitutionalDepartmentName": "Department",
    "IntendedFor": [
        "func/sub-CISC31838_task-rest_dir-AP_run-02_bold.nii.gz",
        "func/sub-CISC31838_task-rest_dir-AP_run-02_sbref.nii.gz",
        "func/sub-CISC31838_task-rest_dir-PA_run-02_bold.nii.gz",
        "func/sub-CISC31838_task-rest_dir-PA_run-02_sbref.nii.gz"
    ],
    "MRAcquisitionType": "2D",
    "MagneticFieldStrength": 3,
    "Manufacturer": "Siemens",
    "ManufacturersModelName": "Prisma",
    "Modality": "MR",
    "PartialFourier": 1,
    "PatientPosition": "HFS",
    "PercentPhaseFOV": 100,
    "PhaseEncodingDirection": "j-",
    "PhaseEncodingSteps": 104,
    "PhaseResolution": 1,
    "PixelBandwidth": 2290,
    "ProcedureStepDescription": "PROJECTS_Jamie_W",
    "ProtocolName": "SpinEchoFieldMap_AP",
    "PulseSequenceDetails": "%CustomerSeq%_cmrr_mbep2d_se",
    "ReceiveCoilActiveElements": "HEA;HEP",
    "ReceiveCoilName": "Head_32",
    "ReconMatrixPE": 104,
    "RepetitionTime": 8,
    "SAR": 0.203452,
    "ScanOptions": "FS",
    "ScanningSequence": "EP",
    "SequenceName": "epse2d1_104",
    "SequenceVariant": "SK",
    "SeriesDescription": "SpinEchoFieldMap_AP",
    "SeriesNumber": 27,
    "ShimSetting": [
        1448,
        -8503,
        3071,
        409,
        -41,
        -28,
        -385,
        80
    ],
    "SliceThickness": 2,
    "SliceTiming": [
        3.99,
        0,
        4.1,
        0.11,
        4.21,
        0.2225,
        4.3225,
        0.3325,
        4.4325,
        0.4425,
        4.5425,
        0.555,
        4.655,
        0.665,
        4.765,
        0.775,
        4.875,
        0.8875,
        4.9875,
        0.9975,
        5.0975,
        1.1075,
        5.2075,
        1.22,
        5.32,
        1.33,
        5.43,
        1.44,
        5.54,
        1.5525,
        5.6525,
        1.6625,
        5.7625,
        1.7725,
        5.8725,
        1.885,
        5.985,
        1.995,
        6.095,
        2.105,
        6.205,
        2.2175,
        6.3175,
        2.3275,
        6.4275,
        2.4375,
        6.5375,
        2.55,
        6.65,
        2.66,
        6.76,
        2.77,
        6.87,
        2.8825,
        6.9825,
        2.9925,
        7.0925,
        3.1025,
        7.2025,
        3.215,
        7.315,
        3.325,
        7.425,
        3.435,
        7.535,
        3.5475,
        7.6475,
        3.6575,
        7.7575,
        3.7675,
        7.8675,
        3.88
    ],
    "SoftwareVersions": "syngo_MR_E11",
    "SpacingBetweenSlices": 2,
    "StationName": "AWP166036",
    "TotalReadoutTime": 0.0597409,
    "TxRefAmp": 271.536,
    "VendorReportedEchoSpacing": 0.00058,
    "WipMemBlock": "978d4ef0-40b1-4b32-a6e9-eb23654b38b2||Sequence: R016 ve11c/master r/e634e98; Dec 19 2017 11:22:56 by eja"
}