{
  "AcquisitionMatrixPE": 104,
  "AcquisitionNumber": 1,
  "AcquisitionTime": "10:02:56.825000",
  "BandwidthPerPixelPhaseEncode": 16.578,
  "BaseResolution": 104,
  "BodyPartExamined": "BRAIN",
  "ConsistencyInfo": "N4_VE11C_LATEST_20160120",
  "ConversionSoftware": "dcm2niix",
  "ConversionSoftwareVersion": "v1.0.20190902",
  "DerivedVendorReportedEchoSpacing": 0.000580009,
  "DeviceSerialNumber": "166036",
  "DwellTime": 2.1e-06,
  "EchoTime": 0.037,
  "EchoTrainLength": 104,
  "EffectiveEchoSpacing": 0.000580009,
  "FlipAngle": 52,
  "HeudiconvVersion": "0.11.3",
  "ImageComments": "Unaliased_MB8_PE3_LB",
  "ImageOrientationPatientDICOM": [0.995809, -0.0684005, 0.0607062, 0.0813456, 0.965813, -0.246146],
  "ImageType": [
    "ORIGINAL",
    "PRIMARY",
    "M",
    "MB",
    "ND",
    "MOSAIC"
],
  "ImagingFrequency": 123.257,
  "InPlanePhaseEncodingDirectionDICOM": "COL",
  "InstitutionAddress": "Street_StreetNo_Falmer_Brighton_District_GB_BN1_9RR",
  "InstitutionName": "CISC",
  "InstitutionalDepartmentName": "Department",
  "MRAcquisitionType": "2D",
  "MagneticFieldStrength": 3,
  "Manufacturer": "Siemens",
  "ManufacturersModelName": "Prisma",
  "Modality": "MR",
  "MultibandAccelerationFactor": 8,
  "PartialFourier": 1,
  "PatientPosition": "HFS",
  "PercentPhaseFOV": 100,
  "PhaseEncodingDirection": "j",
  "PhaseEncodingSteps": 104,
  "PhaseResolution": 1,
  "PixelBandwidth": 2290,
  "ProcedureStepDescription": "PROJECTS_Jamie_W",
  "ProtocolName": "rfMRI_REST_PA",
  "PulseSequenceDetails": "%CustomerSeq%_cmrr_mbep2d_bold",
  "ReceiveCoilActiveElements": "HEA;HEP",
  "ReceiveCoilName": "Head_32",
  "ReconMatrixPE": 104,
  "RepetitionTime": 0.8,
  "SAR": 0.0865763,
  "ScanOptions": "FS_EXT",
  "ScanningSequence": "EP",
  "SequenceName": "epfid2d1_104",
  "SequenceVariant": "SK_SS",
  "SeriesDescription": "rfMRI_REST_PA",
  "SeriesNumber": 11,
  "ShimSetting": [1480, -8605, 3318, 545, 67, 6, 7, 27],
  "SliceThickness": 2,
  "SliceTiming": [0, 0.4325, 0.0875, 0.52, 0.1725, 0.6075, 0.26, 0.6925, 0.3475, 0, 0.4325, 0.0875, 0.52, 0.1725, 0.6075, 0.26, 0.6925, 0.3475, 0, 0.4325, 0.0875, 0.52, 0.1725, 0.6075, 0.26, 0.6925, 0.3475, 0, 0.4325, 0.0875, 0.52, 0.1725, 0.6075, 0.26, 0.6925, 0.3475, 0, 0.4325, 0.0875, 0.52, 0.1725, 0.6075, 0.26, 0.6925, 0.3475, 0, 0.4325, 0.0875, 0.52, 0.1725, 0.6075, 0.26, 0.6925, 0.3475, 0, 0.4325, 0.0875, 0.52, 0.1725, 0.6075, 0.26, 0.6925, 0.3475, 0, 0.4325, 0.0875, 0.52, 0.1725, 0.6075, 0.26, 0.6925, 0.3475],
  "SoftwareVersions": "syngo_MR_E11",
  "SpacingBetweenSlices": 2,
  "StationName": "AWP166036",
  "TaskName": "rest",
  "TotalReadoutTime": 0.0597409,
  "TxRefAmp": 247.192,
  "WipMemBlock": "d37c8de6-7a6f-43ba-9888-2fbd13a074e4||Sequence: R016 ve11c/master r/e634e98; Dec 19 2017 11:00:25 by eja"
}