{
  "AcquisitionMatrixPE": 104,
  "AcquisitionNumber": 1,
  "AcquisitionTime": "09:59:24.400000",
  "BandwidthPerPixelPhaseEncode": 16.578,
  "BaseResolution": 104,
  "BodyPartExamined": "BRAIN",
  "ConsistencyInfo": "N4_VE11C_LATEST_20160120",
  "ConversionSoftware": "dcm2niix",
  "ConversionSoftwareVersion": "v1.0.20190902",
  "DerivedVendorReportedEchoSpacing": 0.000580009,
  "DeviceSerialNumber": "166036",
  "DwellTime": 2.1e-06,
  "EchoTime": 0.037,
  "EchoTrainLength": 104,
  "EffectiveEchoSpacing": 0.000580009,
  "FlipAngle": 52,
  "HeudiconvVersion": "0.11.3",
  "ImageComments": "Single-band_reference",
  "ImageOrientationPatientDICOM": [0.99858, -0.0461332, 0.0266301, 0.0521587, 0.948311, -0.313028],
  "ImageType": [
    "ORIGINAL",
    "PRIMARY",
    "M",
    "ND",
    "MOSAIC"
],
  "ImagingFrequency": 123.257,
  "InPlanePhaseEncodingDirectionDICOM": "COL",
  "InstitutionAddress": "Street_StreetNo_Falmer_Brighton_District_GB_BN1_9RR",
  "InstitutionName": "CISC",
  "InstitutionalDepartmentName": "Department",
  "MRAcquisitionType": "2D",
  "MagneticFieldStrength": 3,
  "Manufacturer": "Siemens",
  "ManufacturersModelName": "Prisma",
  "Modality": "MR",
  "PartialFourier": 1,
  "PatientPosition": "HFS",
  "PercentPhaseFOV": 100,
  "PhaseEncodingDirection": "j-",
  "PhaseEncodingSteps": 104,
  "PhaseResolution": 1,
  "PixelBandwidth": 2290,
  "ProcedureStepDescription": "PROJECTS_Jamie_W",
  "ProtocolName": "rfMRI_REST_AP",
  "PulseSequenceDetails": "%CustomerSeq%_cmrr_mbep2d_bold",
  "ReceiveCoilActiveElements": "HEA;HEP",
  "ReceiveCoilName": "Head_32",
  "ReconMatrixPE": 104,
  "RepetitionTime": 0.8,
  "SAR": 0.0835095,
  "ScanOptions": "FS_EXT",
  "ScanningSequence": "EP",
  "SequenceName": "epfid2d1_104",
  "SequenceVariant": "SK_SS",
  "SeriesDescription": "rfMRI_REST_AP_SBRef",
  "SeriesNumber": 30,
  "ShimSetting": [1473, -8578, 3264, 528, 81, 95, -40, 69],
  "SliceThickness": 2,
  "SliceTiming": [0, 0.0875, 0.175, 0.26, 0.3475, 0.435, 0.52, 0.6075, 0.695, 0.78, 0.8675, 0.955, 1.04, 1.1275, 1.215, 1.3, 1.3875, 1.4725, 1.56, 1.6475, 1.7325, 1.82, 1.9075, 1.9925, 2.08, 2.1675, 2.2525, 2.34, 2.4275, 2.5125, 2.6, 2.6875, 2.7725, 2.86, 2.9475, 3.0325, 3.12, 3.2075, 3.2925, 3.38, 3.4675, 3.5525, 3.64, 3.7275, 3.8125, 3.9, 3.9875, 4.0725, 4.16, 4.2475, 4.3325, 4.42, 4.5075, 4.5925, 4.68, 4.7675, 4.8525, 4.94, 5.0275, 5.1125, 5.2, 5.2875, 5.3725, 5.46, 5.5475, 5.6325, 5.72, 5.8075, 5.8925, 5.98, 6.0675, 6.1525],
  "SoftwareVersions": "syngo_MR_E11",
  "SpacingBetweenSlices": 2,
  "StationName": "AWP166036",
  "TaskName": "rest",
  "TotalReadoutTime": 0.0597409,
  "TxRefAmp": 246.74,
  "WipMemBlock": "33c09d16-a863-468f-ae0d-968cd3ef7a11||Sequence: R016 ve11c/master r/8780670; Nov 27 2017 15:05:12 by eja"
}