{
  "AcquisitionMatrixPE": 104,
  "AcquisitionNumber": 1,
  "AcquisitionTime": "13:29:9.555000",
  "BandwidthPerPixelPhaseEncode": 16.578,
  "BaseResolution": 104,
  "BodyPartExamined": "BRAIN",
  "ConsistencyInfo": "N4_VE11C_LATEST_20160120",
  "ConversionSoftware": "dcm2niix",
  "ConversionSoftwareVersion": "v1.0.20190902",
  "DerivedVendorReportedEchoSpacing": 0.000580009,
  "DeviceSerialNumber": "166036",
  "DwellTime": 2.1e-06,
  "EchoTime": 0.037,
  "EchoTrainLength": 104,
  "EffectiveEchoSpacing": 0.000580009,
  "FlipAngle": 52,
  "HeudiconvVersion": "0.11.3",
  "ImageComments": "Unaliased_MB8_PE3_LB",
  "ImageOrientationPatientDICOM": [0.990524, -0.102967, 0.0908817, 0.125659, 0.946513, -0.297192],
  "ImageType": [
    "ORIGINAL",
    "PRIMARY",
    "M",
    "MB",
    "ND",
    "MOSAIC"
],
  "ImagingFrequency": 123.257,
  "InPlanePhaseEncodingDirectionDICOM": "COL",
  "InstitutionAddress": "Street_StreetNo_Falmer_Brighton_District_GB_BN1_9RR",
  "InstitutionName": "Brighton_and_Sussex_Medical_School",
  "InstitutionalDepartmentName": "Department",
  "MRAcquisitionType": "2D",
  "MagneticFieldStrength": 3,
  "Manufacturer": "Siemens",
  "ManufacturersModelName": "Prisma",
  "Modality": "MR",
  "MultibandAccelerationFactor": 8,
  "PartialFourier": 1,
  "PatientPosition": "HFS",
  "PercentPhaseFOV": 100,
  "PhaseEncodingDirection": "j-",
  "PhaseEncodingSteps": 104,
  "PhaseResolution": 1,
  "PixelBandwidth": 2290,
  "ProcedureStepDescription": "PROJECTS_Jamie_W",
  "ProtocolName": "rfMRI_REST_AP",
  "PulseSequenceDetails": "%CustomerSeq%_cmrr_mbep2d_bold",
  "ReceiveCoilActiveElements": "HEA;HEP",
  "ReceiveCoilName": "Head_32",
  "ReconMatrixPE": 104,
  "RepetitionTime": 0.8,
  "SAR": 0.0718199,
  "ScanOptions": "FS_EXT",
  "ScanningSequence": "EP",
  "SequenceName": "epfid2d1_104",
  "SequenceVariant": "SK_SS",
  "SeriesDescription": "rfMRI_REST_AP",
  "SeriesNumber": 10,
  "ShimSetting": [1447, -8580, 3150, 299, 2, 31, -188, -3],
  "SliceThickness": 2,
  "SliceTiming": [0, 0.4325, 0.0875, 0.52, 0.1725, 0.605, 0.26, 0.6925, 0.3475, 0, 0.4325, 0.0875, 0.52, 0.1725, 0.605, 0.26, 0.6925, 0.3475, 0, 0.4325, 0.0875, 0.52, 0.1725, 0.605, 0.26, 0.6925, 0.3475, 0, 0.4325, 0.0875, 0.52, 0.1725, 0.605, 0.26, 0.6925, 0.3475, 0, 0.4325, 0.0875, 0.52, 0.1725, 0.605, 0.26, 0.6925, 0.3475, 0, 0.4325, 0.0875, 0.52, 0.1725, 0.605, 0.26, 0.6925, 0.3475, 0, 0.4325, 0.0875, 0.52, 0.1725, 0.605, 0.26, 0.6925, 0.3475, 0, 0.4325, 0.0875, 0.52, 0.1725, 0.605, 0.26, 0.6925, 0.3475],
  "SoftwareVersions": "syngo_MR_E11",
  "SpacingBetweenSlices": 2,
  "StationName": "AWP166036",
  "TaskName": "rest",
  "TotalReadoutTime": 0.0597409,
  "TxRefAmp": 260.061,
  "WipMemBlock": "832fa220-d0e8-4fa9-8112-54cd0d0f8ce1||Sequence: R016 ve11c/master r/e634e98; Dec 19 2017 11:00:25 by eja"
}